GEM
  remote: https://rubygems.org/
  specs:
    fortune_gem (0.0.9)
    rack (1.6.4)
    ruby_cowsay (0.1.2)
    sinatra (1.1.0)
      rack (~> 1.1)
      tilt (~> 1.1)
    tilt (1.4.1)

PLATFORMS
  ruby

DEPENDENCIES
  fortune_gem
  ruby_cowsay
  sinatra (= 1.1.0)

BUNDLED WITH
   1.13.6
